GEM
  remote: https://rubygems.org/
  specs:
    adsf (1.4.1)
      rack (>= 1.0.0, < 3.0.0)
    chunky_png (1.3.11)
    compass (0.12.7)
      chunky_png (~> 1.2)
      fssm (>= 0.2.7)
      sass (~> 3.2.19)
    cri (2.15.6)
    fssm (0.2.10)
    haml (5.1.0)
      temple (>= 0.8.0)
      tilt
    mini_portile2 (2.4.0)
    nanoc (3.8.0)
      cri (~> 2.3)
    nokogiri (1.10.10)
      mini_portile2 (~> 2.4.0)
    rack (2.2.3)
    sass (3.2.19)
    temple (0.8.1)
    tilt (2.0.9)

PLATFORMS
  ruby

DEPENDENCIES
  adsf
  compass
  haml
  nanoc (~> 3.8.0)
  nokogiri
  sass (~> 3.2.14)

BUNDLED WITH
   2.0.1
